GEM
  remote: https://rubygems.org/
  specs:
    alsactl (0.1.0)

PLATFORMS
  x86_64-linux

DEPENDENCIES
  alsactl

RUBY VERSION
   ruby 2.7.2p137

BUNDLED WITH
   2.2.16
